GIT
  remote: git://github.com/datamapper/dm-aggregates.git
  revision: b3ea3901f98125185fd2c031f9db2d751f39749a
  specs:
    dm-aggregates (1.2.0.rc1)
      dm-core (~> 1.2.0.rc1)

GIT
  remote: git://github.com/datamapper/dm-constraints.git
  revision: aa9b4253241f416960cda8e266c11bb8f9bc6322
  specs:
    dm-constraints (1.2.0.rc1)
      dm-core (~> 1.2.0.rc1)

GIT
  remote: git://github.com/datamapper/dm-core.git
  revision: 6031e6ef3ee8d760f12a58b67b6e3d13e74bf7f6
  specs:
    dm-core (1.2.0.rc2)
      addressable (~> 2.2.6)
      virtus (~> 0.0.8)

GIT
  remote: git://github.com/datamapper/dm-do-adapter.git
  revision: c6ec52c98a3a00757af3011a8695bc52fdfb1fcf
  specs:
    dm-do-adapter (1.2.0.rc1)
      data_objects (~> 0.10.6)
      dm-core (~> 1.2.0.rc1)

GIT
  remote: git://github.com/datamapper/dm-migrations.git
  revision: febf85b333e7bbc8dad36642968e914b71fee8ce
  specs:
    dm-migrations (1.2.0.rc1)
      dm-core (~> 1.2.0.rc1)

GIT
  remote: git://github.com/datamapper/dm-observer.git
  revision: e0ddd7fb246dbb6d621bdf22b4920814825a2f55
  specs:
    dm-observer (1.2.0.rc1)
      dm-core (~> 1.2.0.rc1)

GIT
  remote: git://github.com/datamapper/dm-postgres-adapter.git
  revision: 350ea6776d33ca083ab23b7e939486243815af04
  specs:
    dm-postgres-adapter (1.2.0.rc1)
      dm-do-adapter (~> 1.2.0.rc1)
      do_postgres (~> 0.10.6)

GIT
  remote: git://github.com/datamapper/dm-rails.git
  revision: 075b63b252d6aa6924f00fa5b93161d30d48bf63
  specs:
    dm-rails (1.2.0.rc1)
      actionpack (~> 3.1.0)
      dm-active_model (~> 1.2.0.rc1)
      dm-core (~> 1.2.0.rc1)
      railties (~> 3.1.0)

GIT
  remote: git://github.com/datamapper/dm-sqlite-adapter.git
  revision: ddccb304bdb901183c32a5b575d825f68bef7b0d
  specs:
    dm-sqlite-adapter (1.2.0.rc1)
      dm-do-adapter (~> 1.2.0.rc1)
      do_sqlite3 (~> 0.10.6)

GIT
  remote: git://github.com/datamapper/dm-sqlserver-adapter.git
  revision: a7c637f418a33c8a52c1c7d6a3156036d6602c08
  specs:
    dm-sqlserver-adapter (1.2.0.rc1)
      dm-do-adapter (~> 1.2.0.rc1)
      do_sqlserver (~> 0.10.6)

GIT
  remote: git://github.com/datamapper/dm-timestamps.git
  revision: 00e591691ee7c4e3539b6d93d63be245f2f6ce0a
  specs:
    dm-timestamps (1.2.0.rc1)
      dm-core (~> 1.2.0.rc1)

GIT
  remote: git://github.com/datamapper/dm-transactions.git
  revision: ebcccd6fe667632c21a5b3a8fe314a019849023b
  specs:
    dm-transactions (1.2.0.rc1)
      dm-core (~> 1.2.0.rc1)

GIT
  remote: git://github.com/datamapper/dm-types.git
  revision: 92b16aa8277e532d5ab169db094d460c99367f0c
  specs:
    dm-types (1.2.0.rc2)
      bcrypt-ruby (~> 3.0.0)
      dm-core (~> 1.2.0.rc2)
      fastercsv (~> 1.5.4)
      json (~> 1.5.4)
      multi_json (~> 1.0.3)
      stringex (~> 1.3.0)
      uuidtools (~> 2.1.2)

GIT
  remote: git://github.com/datamapper/dm-validations.git
  revision: 69c7cf5b92adaeefe64b14ce58e3436478b4f737
  specs:
    dm-validations (1.2.0.rc1)
      dm-core (~> 1.2.0.rc1)

GEM
  remote: http://rubygems.org/
  specs:
    actionmailer (3.1.0)
      actionpack (= 3.1.0)
      mail (~> 2.3.0)
    actionpack (3.1.0)
      activemodel (= 3.1.0)
      activesupport (= 3.1.0)
      builder (~> 3.0.0)
      erubis (~> 2.7.0)
      i18n (~> 0.6)
      rack (~> 1.3.2)
      rack-cache (~> 1.0.3)
      rack-mount (~> 0.8.2)
      rack-test (~> 0.6.1)
      sprockets (~> 2.0.0)
    activemodel (3.1.0)
      activesupport (= 3.1.0)
      bcrypt-ruby (~> 3.0.0)
      builder (~> 3.0.0)
      i18n (~> 0.6)
    activesupport (3.1.0)
      multi_json (~> 1.0)
    addressable (2.2.6)
    bcrypt-ruby (3.0.1-java)
    bouncy-castle-java (1.5.0146.1)
    builder (3.0.0)
    coffee-rails (3.1.1)
      coffee-script (>= 2.2.0)
      railties (~> 3.1.0)
    coffee-script (2.2.0)
      coffee-script-source
      execjs
    coffee-script-source (1.1.2)
    data_objects (0.10.6)
      addressable (~> 2.1)
    diff-lcs (1.1.3)
    dm-active_model (1.2.0.rc2)
      activemodel (~> 3.1.0)
      dm-core (~> 1.2.0.rc2)
    do-jdbc_sqlserver (1.2.4-java)
    do_jdbc (0.10.6-java)
      data_objects (= 0.10.6)
    do_postgres (0.10.6-java)
      data_objects (= 0.10.6)
      do_jdbc (= 0.10.6)
      jdbc-postgres (>= 8.2)
    do_sqlite3 (0.10.6-java)
      data_objects (= 0.10.6)
      do_jdbc (= 0.10.6)
      jdbc-sqlite3 (>= 3.5.8)
    do_sqlserver (0.10.6-java)
      data_objects (= 0.10.6)
      do-jdbc_sqlserver (~> 1.2.4)
      do_jdbc (= 0.10.6)
    erubis (2.7.0)
    execjs (1.2.9)
      multi_json (~> 1.0)
    fastercsv (1.5.4)
    file-utils (0.1.1)
    glassfish (1.0.3-java)
      rack (>= 0.4.0)
    haml (3.1.3)
    haml-rails (0.3.4)
      actionpack (~> 3.0)
      activesupport (~> 3.0)
      haml (~> 3.0)
      railties (~> 3.0)
    hike (1.2.1)
    i18n (0.6.0)
    jdbc-postgres (9.0.801)
    jdbc-sqlite3 (3.7.2)
    jquery-rails (1.0.14)
      railties (~> 3.0)
      thor (~> 0.14)
    jruby-openssl (0.7.4)
      bouncy-castle-java
    json (1.5.4-java)
    mail (2.3.0)
      i18n (>= 0.4.0)
      mime-types (~> 1.16)
      treetop (~> 1.4.8)
    maruku (0.6.0)
      syntax (>= 1.0.0)
    mime-types (1.16)
    multi_json (1.0.3)
    polyglot (0.3.2)
    rack (1.3.3)
    rack-cache (1.0.3)
      rack (>= 0.4)
    rack-mount (0.8.3)
      rack (>= 1.0.0)
    rack-ssl (1.3.2)
      rack
    rack-test (0.6.1)
      rack (>= 1.0)
    railties (3.1.0)
      actionpack (= 3.1.0)
      activesupport (= 3.1.0)
      rack-ssl (~> 1.3.2)
      rake (>= 0.8.7)
      rdoc (~> 3.4)
      thor (~> 0.14.6)
    rake (0.9.2)
    rdoc (3.9.4)
    rspec (2.6.0)
      rspec-core (~> 2.6.0)
      rspec-expectations (~> 2.6.0)
      rspec-mocks (~> 2.6.0)
    rspec-core (2.6.4)
    rspec-expectations (2.6.0)
      diff-lcs (~> 1.1.2)
    rspec-mocks (2.6.0)
    rspec-rails (2.6.1)
      actionpack (~> 3.0)
      activesupport (~> 3.0)
      railties (~> 3.0)
      rspec (~> 2.6.0)
    sass (3.1.7)
    sass-rails (3.1.2)
      actionpack (~> 3.1.0)
      railties (~> 3.1.0)
      sass (>= 3.1.4)
      sprockets (~> 2.0.0)
      tilt (~> 1.3.2)
    sprockets (2.0.0)
      hike (~> 1.2)
      rack (~> 1.0)
      tilt (~> 1.1, != 1.3.0)
    stringex (1.3.0)
    syntax (1.0.0)
    therubyrhino (1.72.8)
    thor (0.14.6)
    tilt (1.3.3)
    treetop (1.4.10)
      polyglot
      polyglot (>= 0.3.1)
    tzinfo (0.3.30)
    uglifier (1.0.3)
      execjs (>= 0.3.0)
      multi_json (>= 1.0.2)
    uuidtools (2.1.2)
    virtus (0.0.8)

PLATFORMS
  java

DEPENDENCIES
  actionmailer (~> 3.1.0)
  actionpack (~> 3.1.0)
  activesupport (~> 3.1.0)
  coffee-rails (~> 3.1.0)
  dm-aggregates!
  dm-constraints!
  dm-core!
  dm-do-adapter!
  dm-migrations!
  dm-observer!
  dm-postgres-adapter!
  dm-rails!
  dm-sqlite-adapter!
  dm-sqlserver-adapter!
  dm-timestamps!
  dm-transactions!
  dm-types!
  dm-validations!
  file-utils
  glassfish
  haml
  haml-rails
  jquery-rails
  jruby-openssl
  maruku
  railties (~> 3.1.0)
  rspec-rails
  sass-rails (~> 3.1.0)
  therubyrhino
  tzinfo
  uglifier
